GEM
  remote: https://rubygems.org/
  specs:
    json (2.2.0)
    mini_portile2 (2.4.0)
    nokogiri (1.10.1)
      mini_portile2 (~> 2.4.0)
    power_assert (1.1.3)
    rake (12.3.2)
    test-unit (3.3.0)
      power_assert

PLATFORMS
  ruby

DEPENDENCIES
  bundler
  json
  nokogiri
  rake
  test-unit

BUNDLED WITH
   1.17.2
